PATH
  remote: .
  specs:
    particlecmd (0.1.4)

GEM
  remote: https://rubygems.org/
  specs:
    rake (10.5.0)

PLATFORMS
  ruby

DEPENDENCIES
  bundler (~> 1.16)
  particlecmd!
  rake (~> 10.0)

BUNDLED WITH
   1.16.1
